PATH
  remote: .
  specs:
    seed_packet (0.1.1)

GEM
  remote: https://rubygems.org/
  specs:
    awesome_print (1.8.0)
    coderay (1.1.2)
    diff-lcs (1.2.5)
    fuubar (2.3.1)
      rspec-core (~> 3.0)
      ruby-progressbar (~> 1.4)
    rspec (3.5.0)
      rspec-core (~> 3.5.0)
      rspec-expectations (~> 3.5.0)
      rspec-mocks (~> 3.5.0)
    rspec-core (3.5.2)
      rspec-support (~> 3.5.0)
    rspec-expectations (3.5.0)
      diff-lcs (>= 1.2.0, < 2.0)
      rspec-support (~> 3.5.0)
    rspec-mocks (3.5.0)
      diff-lcs (>= 1.2.0, < 2.0)
      rspec-support (~> 3.5.0)
    rspec-support (3.5.0)
    rspeckled (0.0.41)
      awesome_print (~> 1.7)
      coderay (~> 1.1)
      fuubar (~> 2.0)
      rspec (~> 3.5)
    ruby-progressbar (1.9.0)

PLATFORMS
  ruby

DEPENDENCIES
  awesome_print (~> 1.6)
  rspec (~> 3.5)
  rspeckled (~> 0.0)
  seed_packet!

BUNDLED WITH
   1.16.1
